GEM
  remote: https://rubygems.org/
  specs:
    json (1.8.1)
    pg (0.17.1)
    puma (2.8.1)
      rack (>= 1.1, < 2.0)
    rack (1.5.2)
    rack-protection (1.5.2)
      rack
    rack-test (0.6.2)
      rack (>= 1.0)
    sinatra (1.4.4)
      rack (~> 1.4)
      rack-protection (~> 1.4)
      tilt (~> 1.3, >= 1.3.4)
    tilt (1.4.1)

PLATFORMS
  ruby

DEPENDENCIES
  json (= 1.8.1)
  pg (= 0.17.1)
  puma (= 2.8.1)
  rack-test (= 0.6.2)
  sinatra (= 1.4.4)
